PATH
  remote: .
  specs:
    pupil (0.6.2)
      json
      oauth
      thor

GEM
  remote: https://rubygems.org/
  specs:
    diff-lcs (1.1.3)
    json (1.7.7)
    oauth (0.4.7)
    rake (0.9.2.2)
    rspec (2.10.0)
      rspec-core (~> 2.10.0)
      rspec-expectations (~> 2.10.0)
      rspec-mocks (~> 2.10.0)
    rspec-core (2.10.0)
    rspec-expectations (2.10.0)
      diff-lcs (~> 1.1.3)
    rspec-mocks (2.10.1)
    thor (0.17.0)
    yard (0.8.1)

PLATFORMS
  ruby

DEPENDENCIES
  bundler
  pupil!
  rake
  rspec
  yard
